PATH
  remote: .
  specs:
    funcml-cli (0.1.0)
      thor (~> 1.3)

GEM
  remote: https://rubygems.org/
  specs:
    power_assert (2.0.3)
    rake (13.2.1)
    test-unit (3.6.2)
      power_assert
    thor (1.3.1)

PLATFORMS
  x86_64-linux

DEPENDENCIES
  funcml-cli!
  rake (~> 13.0)
  test-unit (~> 3.0)

BUNDLED WITH
   2.4.19
